GIT
  remote: git://github.com/guard/guard-livereload.git
  revision: 931c14064b05188dff00c15488f18c82ad81e9f2
  specs:
    guard-livereload (1.1.3)
      em-websocket (>= 0.2.0)
      guard (>= 1.5.0)
      multi_json (~> 1.0)

GIT
  remote: git://github.com/guard/guard.git
  revision: e4c21d31bb5ccfa3d300c4654de3864b189dc536
  specs:
    guard (1.7.0)
      formatador (>= 0.2.4)
      listen (>= 0.6.0)
      lumberjack (>= 1.0.2)
      pry (>= 0.9.10)
      thor (>= 0.14.6)

GIT
  remote: git://github.com/johnbintz/rack-livereload.git
  revision: 03ea0608cd14992e1408eb2accd8093f5c568d6c
  specs:
    rack-livereload (0.3.13)
      rack

GIT
  remote: git://github.com/nex3/rb-inotify.git
  revision: 6a8f19cf31cb84783ddfb99aebe4cb16f34e5219
  specs:

GIT
  remote: git://github.com/ruhoh/ruhoh.rb.git
  revision: 877c29d2864551045e97b604e698f8788a593f5d
  specs:
    ruhoh (2.0.alpha.3)
      directory_watcher (~> 1.4)
      mustache (~> 0.99)
      nokogiri (~> 1.5)
      rack (~> 1.4)
      redcarpet (~> 2.1)

GEM
  remote: https://rubygems.org/
  specs:
    coderay (1.0.9)
    directory_watcher (1.5.1)
    em-websocket (0.5.0)
      eventmachine (>= 0.12.9)
      http_parser.rb (~> 0.5.3)
    eventmachine (1.0.3-x86-mingw32)
    formatador (0.2.4)
    http_parser.rb (0.5.3-x86-mingw32)
    kramdown (0.14.2)
    listen (0.7.3)
    lumberjack (1.0.3)
    method_source (0.8.1)
    multi_json (1.7.2)
    mustache (0.99.4)
    nokogiri (1.5.9-x86-mingw32)
    pry (0.9.12-x86-mingw32)
      coderay (~> 1.0.5)
      method_source (~> 0.8)
      slop (~> 3.4)
      win32console (~> 1.3)
    rack (1.5.2)
    redcarpet (2.2.2)
    slop (3.4.4)
    thor (0.18.1)
    wdm (0.1.0)
    win32console (1.3.2-x86-mingw32)

PLATFORMS
  x86-mingw32

DEPENDENCIES
  guard!
  guard-livereload!
  kramdown (~> 0.14)
  rack-livereload!
  rb-inotify!
  ruhoh!
  wdm
